PATH
  remote: .
  specs:
    google_places_autocomplete (0.0.2)
      hashie
      httparty

GEM
  remote: http://rubygems.org/
  specs:
    diff-lcs (1.2.4)
    fakeweb (1.3.0)
    hashie (2.0.5)
    httparty (0.11.0)
      multi_json (~> 1.0)
      multi_xml (>= 0.5.2)
    multi_json (1.7.6)
    multi_xml (0.5.4)
    rspec (2.13.0)
      rspec-core (~> 2.13.0)
      rspec-expectations (~> 2.13.0)
      rspec-mocks (~> 2.13.0)
    rspec-core (2.13.1)
    rspec-expectations (2.13.0)
      diff-lcs (>= 1.1.3, < 2.0)
    rspec-mocks (2.13.1)
    vcr (2.5.0)

PLATFORMS
  ruby

DEPENDENCIES
  fakeweb
  google_places_autocomplete!
  rspec
  vcr
